GEM
  remote: https://rubygems.org/
  specs:
    eventmachine (1.0.3-x86-mingw32)
    faye-websocket (0.7.0)
      eventmachine (>= 0.12.0)
      websocket-driver (>= 0.3.0)
    websocket-driver (0.3.0)

PLATFORMS
  x86-mingw32

DEPENDENCIES
  eventmachine
  faye-websocket
